GEM
  remote: https://rubygems.org/
  specs:
    actioncable (5.2.8)
      actionpack (= 5.2.8)
      nio4r (~> 2.0)
      websocket-driver (>= 0.6.1)
    actionmailer (5.2.8)
      actionpack (= 5.2.8)
      actionview (= 5.2.8)
      activejob (= 5.2.8)
      mail (~> 2.5, >= 2.5.4)
      rails-dom-testing (~> 2.0)
    actionpack (5.2.8)
      actionview (= 5.2.8)
      activesupport (= 5.2.8)
      rack (~> 2.0, >= 2.0.8)
      rack-test (>= 0.6.3)
      rails-dom-testing (~> 2.0)
      rails-html-sanitizer (~> 1.0, >= 1.0.2)
    actionview (5.2.8)
      activesupport (= 5.2.8)
      builder (~> 3.1)
      erubi (~> 1.4)
      rails-dom-testing (~> 2.0)
      rails-html-sanitizer (~> 1.0, >= 1.0.3)
    activejob (5.2.8)
      activesupport (= 5.2.8)
      globalid (>= 0.3.6)
    activemodel (5.2.8)
      activesupport (= 5.2.8)
    activerecord (5.2.8)
      activemodel (= 5.2.8)
      activesupport (= 5.2.8)
      arel (>= 9.0)
    activestorage (5.2.8)
      actionpack (= 5.2.8)
      activerecord (= 5.2.8)
      marcel (~> 1.0.0)
    activesupport (5.2.8)
      concurrent-ruby (~> 1.0, >= 1.0.2)
      i18n (>= 0.7, < 2)
      minitest (~> 5.1)
      tzinfo (~> 1.1)
    addressable (2.8.0)
      public_suffix (>= 2.0.2, < 5.0)
    arel (9.0.0)
    ast (2.4.2)
    attr_encrypted (3.1.0)
      encryptor (~> 3.0.0)
    awesome_print (1.9.2)
    aws-eventstream (1.2.0)
    aws-partitions (1.595.0)
    aws-sdk-core (3.131.1)
      aws-eventstream (~> 1, >= 1.0.2)
      aws-partitions (~> 1, >= 1.525.0)
      aws-sigv4 (~> 1.1)
      jmespath (~> 1, >= 1.6.1)
    aws-sdk-kms (1.57.0)
      aws-sdk-core (~> 3, >= 3.127.0)
      aws-sigv4 (~> 1.1)
    aws-sdk-s3 (1.114.0)
      aws-sdk-core (~> 3, >= 3.127.0)
      aws-sdk-kms (~> 1)
      aws-sigv4 (~> 1.4)
    aws-sigv4 (1.5.0)
      aws-eventstream (~> 1, >= 1.0.2)
    axiom-types (0.1.1)
      descendants_tracker (~> 0.0.4)
      ice_nine (~> 0.11.0)
      thread_safe (~> 0.3, >= 0.3.1)
    bcrypt (3.1.18)
    better_errors (2.9.1)
      coderay (>= 1.0.0)
      erubi (>= 1.0.0)
      rack (>= 0.9.0)
    bindex (0.8.1)
    binding_of_caller (1.0.0)
      debug_inspector (>= 0.0.1)
    bootsnap (1.12.0)
      msgpack (~> 1.2)
    brakeman (5.2.3)
    builder (3.2.4)
    bullet (7.0.2)
      activesupport (>= 3.0.0)
      uniform_notifier (~> 1.11)
    bundler-audit (0.9.1)
      bundler (>= 1.2.0, < 3)
      thor (~> 1.0)
    byebug (11.1.3)
    capybara (3.36.0)
      addressable
      matrix
      mini_mime (>= 0.1.3)
      nokogiri (~> 1.8)
      rack (>= 1.6.0)
      rack-test (>= 0.6.3)
      regexp_parser (>= 1.5, < 3.0)
      xpath (~> 3.2)
    childprocess (4.1.0)
    choice (0.2.0)
    ckeditor (4.3.0)
      orm_adapter (~> 0.5.0)
      terrapin
    climate_control (0.2.0)
    coderay (1.1.3)
    coercible (1.0.0)
      descendants_tracker (~> 0.0.1)
    concurrent-ruby (1.1.10)
    connection_pool (2.2.5)
    crack (0.4.5)
      rexml
    crass (1.0.6)
    data_migrate (5.3.2)
      rails (>= 4.2)
    database_cleaner (2.0.1)
      database_cleaner-active_record (~> 2.0.0)
    database_cleaner-active_record (2.0.1)
      activerecord (>= 5.a)
      database_cleaner-core (~> 2.0.0)
    database_cleaner-core (2.0.1)
    debug_inspector (1.1.0)
    descendants_tracker (0.0.4)
      thread_safe (~> 0.3, >= 0.3.1)
    devise (4.8.1)
      bcrypt (~> 3.0)
      orm_adapter (~> 0.1)
      railties (>= 4.1.0)
      responders
      warden (~> 1.2.3)
    devise_invitable (2.0.6)
      actionmailer (>= 5.0)
      devise (>= 4.6)
    diff-lcs (1.5.0)
    docile (1.4.0)
    encryptor (3.0.0)
    erubi (1.10.0)
    execjs (2.8.1)
    factory_bot (4.10.0)
      activesupport (>= 3.0.0)
    factory_bot_rails (4.10.0)
      factory_bot (~> 4.10.0)
      railties (>= 3.0.0)
    faker (2.21.0)
      i18n (>= 1.8.11, < 2)
    ffi (1.15.5)
    friendly_id (5.4.2)
      activerecord (>= 4.0.0)
    globalid (1.0.0)
      activesupport (>= 5.0)
    hashdiff (1.0.1)
    i18n (1.10.0)
      concurrent-ruby (~> 1.0)
    i18n-active_record (1.1.0)
      i18n (>= 0.5.0)
    ice_nine (0.11.2)
    jmespath (1.6.1)
    jquery-rails (4.5.0)
      rails-dom-testing (>= 1, < 3)
      railties (>= 4.2.0)
      thor (>= 0.14, < 2.0)
    json (2.6.2)
    launchy (2.5.0)
      addressable (~> 2.7)
    letter_opener (1.8.1)
      launchy (>= 2.2, < 3)
    listen (3.7.1)
      rb-fsevent (~> 0.10, >= 0.10.3)
      rb-inotify (~> 0.9, >= 0.9.10)
    local_time (2.1.0)
    loofah (2.18.0)
      crass (~> 1.0.2)
      nokogiri (>= 1.5.9)
    mail (2.7.1)
      mini_mime (>= 0.1.1)
    marcel (1.0.2)
    matrix (0.4.2)
    method_source (1.0.0)
    mime-types (3.4.1)
      mime-types-data (~> 3.2015)
    mime-types-data (3.2022.0105)
    mimemagic (0.3.10)
      nokogiri (~> 1)
      rake
    mini_mime (1.1.2)
    mini_portile2 (2.8.0)
    minitest (5.15.0)
    mocha (1.14.0)
    msgpack (1.5.2)
    mustermann (1.1.1)
      ruby2_keywords (~> 0.0.1)
    nilify_blanks (1.4.0)
      activerecord (>= 4.0.0)
      activesupport (>= 4.0.0)
    nio4r (2.5.8)
    nokogiri (1.13.6)
      mini_portile2 (~> 2.8.0)
      racc (~> 1.4)
    orm_adapter (0.5.0)
    paperclip (6.1.0)
      activemodel (>= 4.2.0)
      activesupport (>= 4.2.0)
      mime-types
      mimemagic (~> 0.3.0)
      terrapin (~> 0.6.0)
    parallel (1.22.1)
    parser (3.1.2.0)
      ast (~> 2.4.1)
    pg (1.3.5)
    pg_search (2.3.6)
      activerecord (>= 5.2)
      activesupport (>= 5.2)
    powder (0.4.0)
      thor (>= 0.11.5)
    pry (0.14.1)
      coderay (~> 1.1)
      method_source (~> 1.0)
    pry-nav (1.0.0)
      pry (>= 0.9.10, < 0.15)
    pry-remote (0.1.8)
      pry (~> 0.9)
      slop (~> 3.0)
    public_suffix (4.0.7)
    puma (5.6.4)
      nio4r (~> 2.0)
    pundit (2.2.0)
      activesupport (>= 3.0.0)
    racc (1.6.0)
    rack (2.2.3.1)
    rack-attack (6.6.1)
      rack (>= 1.0, < 3)
    rack-protection (2.2.0)
      rack
    rack-proxy (0.7.2)
      rack
    rack-test (1.1.0)
      rack (>= 1.0, < 3)
    rails (5.2.8)
      actioncable (= 5.2.8)
      actionmailer (= 5.2.8)
      actionpack (= 5.2.8)
      actionview (= 5.2.8)
      activejob (= 5.2.8)
      activemodel (= 5.2.8)
      activerecord (= 5.2.8)
      activestorage (= 5.2.8)
      activesupport (= 5.2.8)
      bundler (>= 1.3.0)
      railties (= 5.2.8)
      sprockets-rails (>= 2.0.0)
    rails-controller-testing (1.0.5)
      actionpack (>= 5.0.1.rc1)
      actionview (>= 5.0.1.rc1)
      activesupport (>= 5.0.1.rc1)
    rails-dom-testing (2.0.3)
      activesupport (>= 4.2.0)
      nokogiri (>= 1.6)
    rails-erd (1.7.0)
      activerecord (>= 4.2)
      activesupport (>= 4.2)
      choice (~> 0.2.0)
      ruby-graphviz (~> 1.2)
    rails-html-sanitizer (1.4.3)
      loofah (~> 2.3)
    railties (5.2.8)
      actionpack (= 5.2.8)
      activesupport (= 5.2.8)
      method_source
      rake (>= 0.8.7)
      thor (>= 0.19.0, < 2.0)
    rainbow (3.1.1)
    rake (13.0.6)
    rb-fsevent (0.11.1)
    rb-inotify (0.10.1)
      ffi (~> 1.0)
    recaptcha (5.9.0)
      json
    redis (4.5.1)
    redis-namespace (1.8.2)
      redis (>= 3.0.4)
    regexp_parser (2.5.0)
    responders (3.0.1)
      actionpack (>= 5.0)
      railties (>= 5.0)
    rexml (3.2.5)
    rolify (6.0.0)
    rollbar (3.3.0)
    rspec-core (3.11.0)
      rspec-support (~> 3.11.0)
    rspec-expectations (3.11.0)
      diff-lcs (>= 1.2.0, < 2.0)
      rspec-support (~> 3.11.0)
    rspec-mocks (3.11.1)
      diff-lcs (>= 1.2.0, < 2.0)
      rspec-support (~> 3.11.0)
    rspec-rails (5.1.2)
      actionpack (>= 5.2)
      activesupport (>= 5.2)
      railties (>= 5.2)
      rspec-core (~> 3.10)
      rspec-expectations (~> 3.10)
      rspec-mocks (~> 3.10)
      rspec-support (~> 3.10)
    rspec-support (3.11.0)
    rubocop (1.30.0)
      parallel (~> 1.10)
      parser (>= 3.1.0.0)
      rainbow (>= 2.2.2, < 4.0)
      regexp_parser (>= 1.8, < 3.0)
      rexml (>= 3.2.5, < 4.0)
      rubocop-ast (>= 1.18.0, < 2.0)
      ruby-progressbar (~> 1.7)
      unicode-display_width (>= 1.4.0, < 3.0)
    rubocop-ast (1.18.0)
      parser (>= 3.1.1.0)
    rubocop-rails (2.14.2)
      activesupport (>= 4.2.0)
      rack (>= 1.1)
      rubocop (>= 1.7.0, < 2.0)
    ruby-graphviz (1.2.5)
      rexml
    ruby-progressbar (1.11.0)
    ruby2_keywords (0.0.5)
    rubyzip (1.3.0)
    sass-rails (6.0.0)
      sassc-rails (~> 2.1, >= 2.1.1)
    sassc (2.4.0)
      ffi (~> 1.9)
    sassc-rails (2.1.2)
      railties (>= 4.0.0)
      sassc (>= 2.0)
      sprockets (> 3.0)
      sprockets-rails
      tilt
    selenium-webdriver (4.1.0)
      childprocess (>= 0.5, < 5.0)
      rexml (~> 3.2, >= 3.2.5)
      rubyzip (>= 1.2.2)
    shoulda-matchers (5.1.0)
      activesupport (>= 5.2.0)
    sidekiq (5.2.10)
      connection_pool (~> 2.2, >= 2.2.2)
      rack (~> 2.0)
      rack-protection (>= 1.5.0)
      redis (~> 4.5, < 4.6.0)
    sidekiq-failures (1.0.1)
      sidekiq (>= 4.0.0)
    simplecov (0.21.2)
      docile (~> 1.1)
      simplecov-html (~> 0.11)
      simplecov_json_formatter (~> 0.1)
    simplecov-html (0.12.3)
    simplecov_json_formatter (0.1.4)
    sinatra (2.2.0)
      mustermann (~> 1.0)
      rack (~> 2.2)
      rack-protection (= 2.2.0)
      tilt (~> 2.0)
    slop (3.6.0)
    sprockets (4.0.3)
      concurrent-ruby (~> 1.0)
      rack (> 1, < 3)
    sprockets-rails (3.4.2)
      actionpack (>= 5.2)
      activesupport (>= 5.2)
      sprockets (>= 3.0.0)
    storext (3.3.0)
      activerecord (>= 4.0, < 6.2)
      virtus
    sunspot_solr (2.6.0)
    terrapin (0.6.0)
      climate_control (>= 0.0.3, < 1.0)
    thor (1.2.1)
    thread_safe (0.3.6)
    tilt (2.0.10)
    timecop (0.9.5)
    tzinfo (1.2.10)
      thread_safe (~> 0.1)
    uglifier (4.2.0)
      execjs (>= 0.3.0, < 3)
    unicode-display_width (2.1.0)
    uniform_notifier (1.16.0)
    validate_url (1.0.15)
      activemodel (>= 3.0.0)
      public_suffix
    virtus (2.0.0)
      axiom-types (~> 0.1)
      coercible (~> 1.0)
      descendants_tracker (~> 0.0, >= 0.0.3)
    warden (1.2.9)
      rack (>= 2.0.9)
    web-console (3.7.0)
      actionview (>= 5.0)
      activemodel (>= 5.0)
      bindex (>= 0.4.0)
      railties (>= 5.0)
    webdrivers (5.0.0)
      nokogiri (~> 1.6)
      rubyzip (>= 1.3.0)
      selenium-webdriver (~> 4.0)
    webmock (3.14.0)
      addressable (>= 2.8.0)
      crack (>= 0.3.2)
      hashdiff (>= 0.4.0, < 2.0.0)
    websocket-driver (0.7.5)
      websocket-extensions (>= 0.1.0)
    websocket-extensions (0.1.5)
    where_exists (2.0.0)
      rails (>= 5.2, < 7.1)
    wicked_pdf (2.6.3)
      activesupport
    wkhtmltopdf-binary (0.12.6.5)
    xpath (3.2.0)
      nokogiri (~> 1.8)

PLATFORMS
  ruby

DEPENDENCIES
  attr_encrypted
  awesome_print
  aws-sdk-s3 (~> 1)
  better_errors
  binding_of_caller
  bootsnap
  brakeman
  bullet
  bundler-audit
  byebug
  capybara
  ckeditor (~> 4.3.0)
  data_migrate (~> 5.3.2)
  database_cleaner
  devise (>= 4.6.0)
  devise_invitable (>= 2.0.0)
  factory_bot_rails (~> 4.10.0)
  faker
  friendly_id (>= 5.1)
  i18n-active_record
  jquery-rails (>= 4.3.0)
  launchy
  letter_opener
  listen
  local_time (>= 2.0)
  mocha
  nilify_blanks
  paperclip
  pg
  pg_search
  powder
  pry
  pry-nav
  pry-remote
  puma
  pundit
  rack-attack
  rack-proxy
  rails (~> 5.2.8)
  rails-controller-testing
  rails-erd
  recaptcha
  redis
  redis-namespace
  rolify
  rollbar
  rspec-rails (>= 3.8.0)
  rubocop
  rubocop-rails
  rubyzip (~> 1.0)
  sass-rails (>= 6.0.0)
  shoulda-matchers
  sidekiq (>= 5.0, < 6.0)
  sidekiq-failures
  simplecov
  sinatra (>= 2.0)
  sprockets-rails (>= 3.0)
  storext
  sunspot_solr
  timecop
  uglifier
  validate_url
  web-console (~> 3.7.0)
  webdrivers
  webmock
  where_exists (>= 1.0.0)
  wicked_pdf
  wkhtmltopdf-binary

BUNDLED WITH
   2.2.20
